GEM
  remote: https://rubygems.org/
  specs:
    childprocess (3.0.0)
    dotenv (2.7.6)
    holiday_japan (1.4.3)
    rubyzip (2.3.0)
    selenium-webdriver (3.142.7)
      childprocess (>= 0.5, < 4.0)
      rubyzip (>= 1.2.2)
    slack-incoming-webhooks (0.3.0)

PLATFORMS
  ruby

DEPENDENCIES
  dotenv
  holiday_japan
  selenium-webdriver
  slack-incoming-webhooks

BUNDLED WITH
   1.17.2
